PATH
  remote: .
  specs:
    site_map (1.0.0)

GEM
  remote: http://rubygems.org/
  specs:
    json (1.5.1)
    kelredd-useful (0.4.1)
      json
    leftright (0.9.1)
    shoulda (2.11.3)
    test-belt (0.1.2)
      kelredd-useful (~> 0.4.0)
      leftright (~> 0.9.0)
      shoulda (~> 2.11)

PLATFORMS
  ruby

DEPENDENCIES
  site_map!
  test-belt (~> 0.1.2)
